GEM
  remote: https://rubygems.org/
  specs:
    addressable (2.3.5)
    capistrano (3.1.0)
      i18n
      rake (>= 10.0.0)
      sshkit (~> 1.3)
    capistrano-github-releases (0.1.0)
      capistrano (~> 3.1)
      dotenv (~> 0.9.0)
      highline (~> 1.6.20)
      octokit (~> 2.7.0)
    dotenv (0.9.0)
    faraday (0.9.0)
      multipart-post (>= 1.2, < 3)
    highline (1.6.21)
    i18n (0.6.9)
    multipart-post (2.0.0)
    net-scp (1.1.2)
      net-ssh (>= 2.6.5)
    net-ssh (2.8.0)
    octokit (2.7.1)
      sawyer (~> 0.5.2)
    rake (10.1.1)
    sawyer (0.5.3)
      addressable (~> 2.3.5)
      faraday (~> 0.8, < 0.10)
    sshkit (1.3.0)
      net-scp (>= 1.1.2)
      net-ssh
      term-ansicolor
    term-ansicolor (1.3.0)
      tins (~> 1.0)
    tins (1.0.0)

PLATFORMS
  ruby

DEPENDENCIES
  capistrano (~> 3.1)
  capistrano-github-releases
  dotenv
